GEM
  remote: https://rubygems.org/
  specs:
    addressable (2.3.6)
    cexio (0.0.5)
      addressable
    diff-lcs (1.2.5)
    json (1.8.1)
    moving_average (0.1.1)
    pusher-client (0.6.0)
      json
      websocket (~> 1.0)
    rspec (2.14.1)
      rspec-core (~> 2.14.0)
      rspec-expectations (~> 2.14.0)
      rspec-mocks (~> 2.14.0)
    rspec-core (2.14.8)
    rspec-expectations (2.14.5)
      diff-lcs (>= 1.1.3, < 2.0)
    rspec-mocks (2.14.6)
    websocket (1.1.2)

PLATFORMS
  ruby

DEPENDENCIES
  cexio
  moving_average
  pusher-client
  rspec
  rspec-expectations
  rspec-mocks
