GEM
  remote: https://rubygems.org/
  specs:
    addressable (2.3.6)
    bson (1.10.0)
    bson_ext (1.10.0)
      bson (~> 1.10.0)
    haml (4.0.5)
      tilt
    json (1.8.1)
    mongo (1.10.0)
      bson (~> 1.10.0)
    multi_json (1.9.2)
    promise (0.3.0)
    rack (1.5.2)
    rack-protection (1.5.3)
      rack
    simple_oauth (0.2.0)
    sinatra (1.4.5)
      rack (~> 1.4)
      rack-protection (~> 1.4)
      tilt (~> 1.3, >= 1.3.4)
    tilt (1.4.1)
    weary (1.1.3)
      addressable (~> 2.3)
      multi_json (~> 1.7)
      promise (~> 0.3.0)
      rack (~> 1.5)
      simple_oauth (~> 0.2)

PLATFORMS
  ruby

DEPENDENCIES
  bson_ext
  haml
  json
  mongo
  sinatra
  weary
