GEM
  remote: https://rubygems.org/
  specs:
    addressable (2.8.0)
      public_suffix (>= 2.0.2, < 5.0)
    cexio (0.0.6)
      addressable
    diff-lcs (1.2.5)
    flt (1.3.0)
    moving_average (0.1.1)
    public_suffix (4.0.6)
    rspec (2.14.1)
      rspec-core (~> 2.14.0)
      rspec-expectations (~> 2.14.0)
      rspec-mocks (~> 2.14.0)
    rspec-core (2.14.8)
    rspec-expectations (2.14.5)
      diff-lcs (>= 1.1.3, < 2.0)
    rspec-mocks (2.14.6)

PLATFORMS
  ruby

DEPENDENCIES
  cexio (>= 0.0.5)
  flt
  moving_average
  rspec
  rspec-expectations
  rspec-mocks

BUNDLED WITH
   2.1.4
